GEM
  remote: http://rubygems.org/
  specs:
    haml (3.1.3)
    rack (1.3.5)
    rack-flash (0.1.2)
      rack
    rack-no-www (0.0.2)
    rack-protection (1.1.4)
      rack
    redis (2.2.2)
    sinatra (1.3.1)
      rack (~> 1.3, >= 1.3.4)
      rack-protection (~> 1.1, >= 1.1.2)
      tilt (~> 1.3, >= 1.3.3)
    tilt (1.3.3)

PLATFORMS
  ruby

DEPENDENCIES
  haml
  rack-flash
  rack-no-www
  redis
  sinatra
