GEM
  remote: http://rubygems.org/
  specs:
    haml (3.1.3)
    macaddr (1.5.0)
      systemu (>= 2.4.0)
    mime-types (1.17.2)
    rack (1.3.5)
    rack-flash (0.1.2)
      rack
    rack-no-www (0.0.2)
    rack-protection (1.1.4)
      rack
    redis (2.2.2)
    rest-client (1.6.7)
      mime-types (>= 1.16)
    sinatra (1.3.1)
      rack (~> 1.3, >= 1.3.4)
      rack-protection (~> 1.1, >= 1.1.2)
      tilt (~> 1.3, >= 1.3.3)
    systemu (2.4.1)
    tilt (1.3.3)
    uuid (2.3.4)
      macaddr (~> 1.0)

PLATFORMS
  ruby

DEPENDENCIES
  haml
  rack-flash
  rack-no-www
  redis
  rest-client
  sinatra
  uuid
